GEM
  remote: https://rubygems.org/
  specs:
    filesize (0.1.1)
    net-http-digest_auth (1.4)

PLATFORMS
  ruby

DEPENDENCIES
  filesize
  net-http-digest_auth

BUNDLED WITH
   1.13.6
